GIT
  remote: https://github.com/rtomayko/tilt
  revision: 90c603c6539c38e596efb85dff2e5d0e3bf68057
  specs:
    tilt (2.0.7)

PATH
  remote: .
  specs:
    showoff (0.17.2)
      commonmarker (<= 0.14.4)
      fidget (>= 0.0.3)
      gli (>= 2.0)
      htmlentities
      i18n
      iso-639
      json
      nokogiri
      parslet
      redcarpet
      sinatra (~> 1.3)
      sinatra-websocket
      thin (~> 1.3)
      tilt (>= 2.0.3)

GEM
  remote: https://rubygems.org/
  specs:
    Ascii85 (1.0.2)
    addressable (2.5.1)
      public_suffix (~> 2.0, >= 2.0.2)
    afm (0.2.2)
    ansi (1.5.0)
    commonmarker (0.14.4)
      ruby-enum (= 0.5.0)
    daemons (1.2.4)
    em-websocket (0.3.8)
      addressable (>= 2.1.1)
      eventmachine (>= 0.12.9)
    eventmachine (1.2.3)
    fidget (0.0.4)
      ruby-dbus
    git-version-bump (0.15.1)
    gli (2.16.0)
    hashery (2.1.2)
    htmlentities (4.3.4)
    i18n (0.8.1)
    iso-639 (0.2.8)
    json (2.1.0)
    mg (0.0.8)
      rake
    mini_portile2 (2.1.0)
    minitest (4.7.5)
    nokogiri (1.7.2)
      mini_portile2 (~> 2.1.0)
    parslet (1.8.0)
    pdf-inspector (1.3.0)
      pdf-reader (>= 1.0, < 3.0.a)
    pdf-reader (2.0.0)
      Ascii85 (~> 1.0.0)
      afm (~> 0.2.1)
      hashery (~> 2.0)
      ruby-rc4
      ttfunk
    pdfkit (0.8.2)
    public_suffix (2.0.5)
    rack (1.6.8)
    rack-contrib (1.4.0)
      git-version-bump (~> 0.15)
      rack (~> 1.4)
    rack-protection (1.5.3)
      rack
    rack-test (0.6.3)
      rack (>= 1.0)
    rake (12.0.0)
    redcarpet (3.4.0)
    ruby-dbus (0.13.0)
    ruby-enum (0.5.0)
      i18n
    ruby-rc4 (0.1.5)
    sinatra (1.4.8)
      rack (~> 1.5)
      rack-protection (~> 1.4)
      tilt (>= 1.3, < 3)
    sinatra-websocket (0.3.1)
      em-websocket (~> 0.3.6)
      eventmachine
      thin (>= 1.3.1, < 2.0.0)
    thin (1.7.0)
      daemons (~> 1.0, >= 1.0.9)
      eventmachine (~> 1.0, >= 1.0.4)
      rack (>= 1, < 3)
    ttfunk (1.5.1)
    turn (0.9.7)
      ansi
      minitest (~> 4)

PLATFORMS
  ruby

DEPENDENCIES
  mg
  pdf-inspector
  pdfkit
  rack-contrib
  rack-test
  rake
  showoff!
  tilt!
  turn

BUNDLED WITH
   1.14.6
